GEM
  remote: http://rubygems.org/
  specs:
    dice_bag (0.5.0)

PLATFORMS
  ruby

DEPENDENCIES
  dice_bag (= 0.5.0)
